PATH
  remote: .
  specs:
    git-cr (0.0.0)
      octokit

GEM
  remote: https://rubygems.org/
  specs:
    addressable (2.3.6)
    diff-lcs (1.2.5)
    faraday (0.9.0)
      multipart-post (>= 1.2, < 3)
    multipart-post (2.0.0)
    octokit (3.0.0)
      sawyer (~> 0.5.3)
    rake (10.2.2)
    rspec (2.14.1)
      rspec-core (~> 2.14.0)
      rspec-expectations (~> 2.14.0)
      rspec-mocks (~> 2.14.0)
    rspec-core (2.14.8)
    rspec-expectations (2.14.5)
      diff-lcs (>= 1.1.3, < 2.0)
    rspec-mocks (2.14.6)
    sawyer (0.5.4)
      addressable (~> 2.3.5)
      faraday (~> 0.8, < 0.10)

PLATFORMS
  ruby

DEPENDENCIES
  git-cr!
  rake
  rspec
